GEM
  remote: https://rubygems.org/
  specs:
    chipmunk (5.3.4.5)
    gosu (0.7.45)

PLATFORMS
  ruby

DEPENDENCIES
  chipmunk
  gosu
